GEM
  remote: https://rubygems.org/
  specs:
    foreman (0.84.0)
      thor (~> 0.19.1)
    line-bot-api (1.2.2)
    mustermann (1.0.2)
    rack (2.0.4)
    rack-protection (2.0.1)
      rack
    sinatra (2.0.1)
      mustermann (~> 1.0)
      rack (~> 2.0)
      rack-protection (= 2.0.1)
      tilt (~> 2.0)
    thor (0.19.4)
    tilt (2.0.8)

PLATFORMS
  ruby

DEPENDENCIES
  foreman
  line-bot-api
  sinatra

BUNDLED WITH
   1.16.1
